GEM
  remote: https://rubygems.org/
  specs:
    os (1.0.0)
    rake (12.3.3)

PLATFORMS
  ruby

DEPENDENCIES
  os
  rake

BUNDLED WITH
   1.17.2
